GEM
  remote: https://rubygems.org/
  specs:
    git (1.2.5)
    jeweler (1.8.3)
      bundler (~> 1.0)
      git (>= 1.2.5)
      rake
      rdoc
    json (1.8.0)
    multi_json (1.7.6)
    railsless-deploy (1.0.2)
    rake (0.9.2.2)
    rdoc (3.12)
      json (~> 1.4)
    shoulda (3.0.1)
      shoulda-context (~> 1.0.0)
      shoulda-matchers (~> 1.0.0)
    shoulda-context (1.0.0)
    shoulda-matchers (1.0.0)
    simplecov (0.7.1)
      multi_json (~> 1.0)
      simplecov-html (~> 0.7.1)
    simplecov-html (0.7.1)

PLATFORMS
  ruby

DEPENDENCIES
  bundler (~> 1.1)
  jeweler (~> 1.8.3)
  multi_json (~> 1.4)
  railsless-deploy (~> 1.0.2)
  rdoc (~> 3.12)
  shoulda
  simplecov
